PATH
  remote: .
  specs:
    metalink (0.0.1)

GEM
  remote: http://rubygems.org/
  specs:

PLATFORMS
  ruby

DEPENDENCIES
  metalink!
